PATH
  remote: .
  specs:
    simplecov-rcov-setup (0.0.6)
      simplecov-rcov (~> 0.2.3)

GEM
  remote: https://rubygems.org/
  specs:
    docile (1.3.2)
    simplecov (0.18.5)
      docile (~> 1.1)
      simplecov-html (~> 0.11)
    simplecov-html (0.12.2)
    simplecov-rcov (0.2.3)
      simplecov (>= 0.4.1)

PLATFORMS
  ruby

DEPENDENCIES
  bundler (~> 1.7)
  simplecov-rcov-setup!

BUNDLED WITH
   1.17.2
